GEM
  remote: https://rubygems.org/
  specs:
    coderay (1.1.2)
    method_source (0.9.0)
    minitest (5.11.1)
    mote (1.3.0)
    pry (0.11.3)
      coderay (~> 1.1.0)
      method_source (~> 0.9.0)
    rack (2.0.3)
    seg (1.2.0)
    shotgun (0.9.2)
      rack (>= 1.0)
    syro (3.0.1)
      rack (>= 1.6.0)
      seg

PLATFORMS
  ruby

DEPENDENCIES
  minitest
  mote
  pry
  shotgun
  syro

BUNDLED WITH
   1.16.0
